GEM
  remote: https://rubygems.org/
  remote: https://rails-assets.org/
  specs:
    actionmailer (4.2.0)
      actionpack (= 4.2.0)
      actionview (= 4.2.0)
      activejob (= 4.2.0)
      mail (~> 2.5, >= 2.5.4)
      rails-dom-testing (~> 1.0, >= 1.0.5)
    actionpack (4.2.0)
      actionview (= 4.2.0)
      activesupport (= 4.2.0)
      rack (~> 1.6.0)
      rack-test (~> 0.6.2)
      rails-dom-testing (~> 1.0, >= 1.0.5)
      rails-html-sanitizer (~> 1.0, >= 1.0.1)
    actionview (4.2.0)
      activesupport (= 4.2.0)
      builder (~> 3.1)
      erubis (~> 2.7.0)
      rails-dom-testing (~> 1.0, >= 1.0.5)
      rails-html-sanitizer (~> 1.0, >= 1.0.1)
    activejob (4.2.0)
      activesupport (= 4.2.0)
      globalid (>= 0.3.0)
    activemodel (4.2.0)
      activesupport (= 4.2.0)
      builder (~> 3.1)
    activerecord (4.2.0)
      activemodel (= 4.2.0)
      activesupport (= 4.2.0)
      arel (~> 6.0)
    activesupport (4.2.0)
      i18n (~> 0.7)
      json (~> 1.7, >= 1.7.7)
      minitest (~> 5.1)
      thread_safe (~> 0.3, >= 0.3.4)
      tzinfo (~> 1.1)
    arel (6.0.0)
    audited (4.0.0)
      rails-observers (~> 0.1.2)
    audited-activerecord (4.0.0)
      activerecord (~> 4.0)
      audited (= 4.0.0)
    autoprefixer-rails (4.0.2.1)
      execjs
    bcrypt (3.1.9)
    binding_of_caller (0.7.2)
      debug_inspector (>= 0.0.1)
    bootstrap-sass (3.3.1.0)
      sass (~> 3.2)
    builder (3.2.2)
    capistrano (3.2.1)
      i18n
      rake (>= 10.0.0)
      sshkit (~> 1.3)
    capistrano-bundler (1.1.3)
      capistrano (~> 3.1)
      sshkit (~> 1.2)
    capistrano-rails (1.1.2)
      capistrano (~> 3.1)
      capistrano-bundler (~> 1.1)
    capistrano-rbenv (2.0.2)
      capistrano (~> 3.1)
      sshkit (~> 1.3)
    climate_control (0.0.3)
      activesupport (>= 3.0)
    cocaine (0.5.5)
      climate_control (>= 0.0.3, < 1.0)
    coffee-rails (4.1.0)
      coffee-script (>= 2.2.0)
      railties (>= 4.0.0, < 5.0)
    coffee-script (2.3.0)
      coffee-script-source
      execjs
    coffee-script-source (1.8.0)
    colorize (0.7.5)
    countries (0.9.3)
      currencies (~> 0.4.2)
    country_select (2.1.0)
      countries (~> 0.9, >= 0.9.3)
    coveralls (0.7.1)
      multi_json (~> 1.3)
      rest-client
      simplecov (>= 0.7)
      term-ansicolor
      thor
    currencies (0.4.2)
    debug_inspector (0.0.2)
    devise (3.4.1)
      bcrypt (~> 3.0)
      orm_adapter (~> 0.1)
      railties (>= 3.2.6, < 5)
      responders
      thread_safe (~> 0.1)
      warden (~> 1.2.3)
    docile (1.1.5)
    draper (1.4.0)
      actionpack (>= 3.0)
      activemodel (>= 3.0)
      activesupport (>= 3.0)
      request_store (~> 1.0)
    erubis (2.7.0)
    execjs (2.2.2)
    faraday (0.9.0)
      multipart-post (>= 1.2, < 3)
    figaro (1.0.0)
      thor (~> 0.14)
    font-awesome-rails (4.2.0.0)
      railties (>= 3.2, < 5.0)
    friendly_id (5.0.4)
      activerecord (>= 4.0.0)
    globalid (0.3.0)
      activesupport (>= 4.1.0)
    hashids (1.0.2)
    hashie (3.3.2)
    hike (1.2.3)
    httparty (0.13.3)
      json (~> 1.8)
      multi_xml (>= 0.5.2)
    i18n (0.7.0)
    iso8601 (0.8.2)
    jbuilder (2.2.6)
      activesupport (>= 3.0.0, < 5)
      multi_json (~> 1.2)
    jquery-rails (4.0.2)
      rails-dom-testing (~> 1.0)
      railties (>= 4.2.0)
      thor (>= 0.14, < 2.0)
    json (1.8.1)
    jwt (1.2.0)
    loofah (2.0.1)
      nokogiri (>= 1.5.9)
    mail (2.6.3)
      mime-types (>= 1.16, < 3)
    mime-types (2.4.3)
    mini_portile (0.6.1)
    minitest (5.5.0)
    multi_json (1.10.1)
    multi_xml (0.5.5)
    multipart-post (2.0.0)
    net-scp (1.2.1)
      net-ssh (>= 2.6.5)
    net-ssh (2.9.1)
    netrc (0.10.2)
    newrelic_rpm (3.9.8.273)
    nokogiri (1.6.5)
      mini_portile (~> 0.6.0)
    oauth2 (1.0.0)
      faraday (>= 0.8, < 0.10)
      jwt (~> 1.0)
      multi_json (~> 1.3)
      multi_xml (~> 0.5)
      rack (~> 1.2)
    omniauth (1.2.2)
      hashie (>= 1.2, < 4)
      rack (~> 1.0)
    omniauth-facebook (2.0.0)
      omniauth-oauth2 (~> 1.2)
    omniauth-google-oauth2 (0.2.6)
      omniauth (> 1.0)
      omniauth-oauth2 (~> 1.1)
    omniauth-oauth2 (1.2.0)
      faraday (>= 0.8, < 0.10)
      multi_json (~> 1.3)
      oauth2 (~> 1.0)
      omniauth (~> 1.2)
    orm_adapter (0.5.0)
    paperclip (4.2.1)
      activemodel (>= 3.0.0)
      activesupport (>= 3.0.0)
      cocaine (~> 0.5.3)
      mime-types
    pg (0.17.1)
    pickadate-rails (3.5.5.0)
      railties (>= 3.1.0)
    puma (2.11.1)
      rack (>= 1.1, < 2.0)
    pundit (0.3.0)
      activesupport (>= 3.0.0)
    quiet_assets (1.0.3)
      railties (>= 3.1, < 5.0)
    rack (1.6.0)
    rack-test (0.6.2)
      rack (>= 1.0)
    rails (4.2.0)
      actionmailer (= 4.2.0)
      actionpack (= 4.2.0)
      actionview (= 4.2.0)
      activejob (= 4.2.0)
      activemodel (= 4.2.0)
      activerecord (= 4.2.0)
      activesupport (= 4.2.0)
      bundler (>= 1.3.0, < 2.0)
      railties (= 4.2.0)
      sprockets-rails
    rails-assets-handlebars (2.0.0)
    rails-assets-jquery (2.1.3)
    rails-assets-typeahead.js (0.10.5)
      rails-assets-jquery (>= 1.7)
    rails-deprecated_sanitizer (1.0.3)
      activesupport (>= 4.2.0.alpha)
    rails-dom-testing (1.0.5)
      activesupport (>= 4.2.0.beta, < 5.0)
      nokogiri (~> 1.6.0)
      rails-deprecated_sanitizer (>= 1.0.1)
    rails-html-sanitizer (1.0.1)
      loofah (~> 2.0)
    rails-observers (0.1.2)
      activemodel (~> 4.0)
    rails_12factor (0.0.3)
      rails_serve_static_assets
      rails_stdout_logging
    rails_layout (1.0.24)
    rails_serve_static_assets (0.0.4)
    rails_stdout_logging (0.0.3)
    railties (4.2.0)
      actionpack (= 4.2.0)
      activesupport (= 4.2.0)
      rake (>= 0.8.7)
      thor (>= 0.18.1, < 2.0)
    rake (10.4.2)
    redcarpet (3.2.2)
    request_store (1.1.0)
    responders (2.0.2)
      railties (>= 4.2.0.alpha, < 5)
    rest-client (1.7.2)
      mime-types (>= 1.16, < 3.0)
      netrc (~> 0.7)
    rollbar (1.3.1)
      multi_json (~> 1.3)
    ruby-duration (3.2.0)
      activesupport (>= 3.0.0)
      i18n
      iso8601
    sass (3.2.19)
    sass-rails (4.0.5)
      railties (>= 4.0.0, < 5.0)
      sass (~> 3.2.2)
      sprockets (~> 2.8, < 3.0)
      sprockets-rails (~> 2.0)
    seedbank (0.3.0)
    select2-rails (3.5.9.1)
      thor (~> 0.14)
    simple_form (3.1.0)
      actionpack (~> 4.0)
      activemodel (~> 4.0)
    simplecov (0.9.1)
      docile (~> 1.1.0)
      multi_json (~> 1.0)
      simplecov-html (~> 0.8.0)
    simplecov-html (0.8.0)
    slim (3.0.0)
      temple (~> 0.7.3)
      tilt (>= 1.3.3, < 2.1)
    sprockets (2.12.3)
      hike (~> 1.2)
      multi_json (~> 1.0)
      rack (~> 1.0)
      tilt (~> 1.1, != 1.3.0)
    sprockets-rails (2.2.2)
      actionpack (>= 3.0)
      activesupport (>= 3.0)
      sprockets (>= 2.8, < 4.0)
    sqlite3 (1.3.10)
    sshkit (1.6.1)
      colorize (>= 0.7.0)
      net-scp (>= 1.1.2)
      net-ssh (>= 2.8.0)
    stdlib (0.1.0)
    temple (0.7.3)
    term-ansicolor (1.3.0)
      tins (~> 1.0)
    thor (0.19.1)
    thread_safe (0.3.4)
    tilt (1.4.1)
    tins (1.3.3)
    tzinfo (1.2.2)
      thread_safe (~> 0.1)
    uglifier (2.6.0)
      execjs (>= 0.3.0)
      json (>= 1.8.0)
    warden (1.2.3)
      rack (>= 1.0)
    web-console (2.0.0)
      activemodel (~> 4.0)
      binding_of_caller (>= 0.7.2)
      railties (~> 4.0)
      sprockets-rails (>= 2.0, < 4.0)

PLATFORMS
  ruby

DEPENDENCIES
  arel
  audited-activerecord (~> 4.0)
  autoprefixer-rails
  bcrypt (~> 3.1.2)
  bootstrap-sass (~> 3.3.0)
  capistrano (~> 3.2.1)
  capistrano-bundler (~> 1.1.2)
  capistrano-rails (~> 1.1.1)
  capistrano-rbenv (~> 2.0)
  coffee-rails (~> 4.0)
  countries
  country_select
  coveralls
  devise
  draper
  figaro
  font-awesome-rails (~> 4.2)
  friendly_id (~> 5.0.0)
  hashids
  httparty
  jbuilder (~> 2.0)
  jquery-rails
  newrelic_rpm
  nokogiri
  omniauth-facebook
  omniauth-google-oauth2
  paperclip
  pg
  pickadate-rails
  puma
  pundit
  quiet_assets
  rails (~> 4.2)
  rails-assets-handlebars
  rails-assets-typeahead.js
  rails_12factor
  rails_layout
  redcarpet
  rollbar (~> 1.3)
  ruby-duration
  sass-rails (~> 4.0.0)
  seedbank
  select2-rails
  simple_form (~> 3.1)
  slim
  sqlite3
  stdlib
  tzinfo
  uglifier (>= 1.3.0)
  web-console (~> 2.0)
